PATH
  remote: .
  specs:
    rack-proxy (0.5.0)
      rack

GEM
  remote: http://rubygems.org/
  specs:
    rack (1.2.1)
    rack-test (0.5.6)
      rack (>= 1.0)
    rake (0.9.2.2)

PLATFORMS
  ruby

DEPENDENCIES
  rack-proxy!
  rack-test
  rake
