PATH
  remote: .
  specs:
    rack-proxy (0.7.6)
      rack

GEM
  remote: https://rubygems.org/
  specs:
    power_assert (2.0.1)
    rack (2.2.6.3)
    rack-test (1.1.0)
      rack (>= 1.0, < 3)
    rake (13.0.6)
    test-unit (3.5.3)
      power_assert

PLATFORMS
  ruby

DEPENDENCIES
  rack-proxy!
  rack-test
  rake
  test-unit

BUNDLED WITH
   2.3.21
